PATH
  remote: .
  specs:
    vraptor-scaffold (1.3.0)
      activesupport (= 6.0.0)
      rake (= 0.9.2)
      thor (= 0.14.6)

GEM
  remote: http://rubygems.org/
  specs:
    ZenTest (4.4.0)
    activesupport (6.0.0)
      concurrent-ruby (~> 1.0, >= 1.0.2)
      i18n (>= 0.7, < 2)
      minitest (~> 5.1)
      tzinfo (~> 1.1)
      zeitwerk (~> 2.1, >= 2.1.8)
    concurrent-ruby (1.1.5)
    i18n (1.7.0)
      concurrent-ruby (~> 1.0)
    minitest (5.12.2)
    multi_json (1.0.3)
    rake (0.9.2)
    rspec (1.3.2)
    simplecov (0.5.4)
      multi_json (~> 1.0.3)
      simplecov-html (~> 0.5.3)
    simplecov-html (0.5.3)
    thor (0.14.6)
    thread_safe (0.3.6)
    tzinfo (1.2.5)
      thread_safe (~> 0.1)
    zeitwerk (2.2.0)

PLATFORMS
  ruby

DEPENDENCIES
  ZenTest (= 4.4.0)
  rspec (= 1.3.2)
  simplecov (= 0.5.4)
  vraptor-scaffold!
