PATH
  remote: .
  specs:
    vraptor-scaffold (1.2.2)
      activesupport
      rake
      thor

GEM
  remote: http://rubygems.org/
  specs:
    ZenTest (4.4.0)
    activesupport (3.0.1)
    multi_json (1.0.3)
    rake (0.9.2)
    rspec (1.3.2)
    simplecov (0.5.4)
      multi_json (~> 1.0.3)
      simplecov-html (~> 0.5.3)
    simplecov-html (0.5.3)
    thor (0.14.6)

PLATFORMS
  ruby

DEPENDENCIES
  ZenTest
  rspec
  simplecov
  vraptor-scaffold!
