PATH
  remote: .
  specs:
    vraptor-scaffold (1.3.0)
      activesupport (= 3.0.1)
      rake (= 0.9.2)
      rest-client (= 1.6.7)
      thor (= 0.14.6)
      xml-simple (= 1.1.2)

GEM
  remote: http://rubygems.org/
  specs:
    ZenTest (4.4.0)
    activesupport (3.0.1)
    mime-types (1.19)
    multi_json (1.0.3)
    rake (0.9.2)
    rest-client (1.6.7)
      mime-types (>= 1.16)
    rspec (1.3.2)
    simplecov (0.5.4)
      multi_json (~> 1.0.3)
      simplecov-html (~> 0.5.3)
    simplecov-html (0.5.3)
    thor (0.14.6)
    xml-simple (1.1.2)

PLATFORMS
  ruby

DEPENDENCIES
  ZenTest (= 4.4.0)
  rspec (= 1.3.2)
  simplecov (= 0.5.4)
  vraptor-scaffold!
